{
  "participant_id": "sub-15",
  "session_id": "ses-01",
  "modality": "T1w",
  "AcquisitionNumber": 1,
  "SliceThickness": 1,
  "SAR": 0.119868,
  "EchoTime": 0.0035,
  "InversionTime": 1.2,
  "RepetitionTime": 2.5,
  "FlipAngle": 8,
  "PartialFourier": 1,
  "BaseResolution": 256,
  "ShimSetting": [-2486,-563,20923,136,250,-638,242,-33],
  "TxRefAmp": 348.512,
  "PhaseResolution": 1,
  "PhaseEncodingSteps": 256,
  "InPlanePhaseEncodingDirectionDICOM": "ROW",
  "ImageOrientationPatientDICOM": [0,1,0,0,0,-1],
  "PercentPhaseFOV": 100,
  "AcquisitionMatrixPE": 256,
  "ReconMatrixPE": 256,
  "PixelBandwidth": 190,
  "DwellTime": 1.03E-5,
  "Manufacturer": "Siemens",
  "ManufacturersModelName": "TrioTim",
  "DeviceSerialNumber": "35390",
  "StationName": "MRC35390",
  "SoftwareVersions": "syngo_MR_B17",
  "MagneticFieldStrength": 3,
  "ReceiveCoilName": "HeadMatrix",
  "ScanningSequence": "GR_IR",
  "SequenceVariant": "SP_MP",
  "SeriesNumber": 9,
  "ScanOptions": "IR",
  "SequenceName": "_tfl3d1_ns",
  "PulseSequenceDetails": "%SiemensSeq%_tfl",
  "ImageType": ["ORIGINAL","PRIMARY","M","ND","NORM"],
  "MRAcquisitionType": "3D",
  "PatientPosition": "HFS",
  "InstitutionName": "Nathan S. Kline Institute for Psychiatric Research",
  "InstitutionAddress": "140 Old Orangeburg Road, Orangeburg, NY US 10962",
  "InstitutionalDepartmentName": "Center for Biomedical Imaging and Neuromodulation"
}