{
  "participant_id": "sub-03",
  "session_id": "ses-01",
  "TaskName": "inscapes",
  "modality": "bold",
  "AcquisitionNumber": 1,
  "SliceThickness": 3,
  "SAR": 0.0873547,
  "EchoTime": 0.0246,
  "RepetitionTime": 2.1,
  "FlipAngle": 60,
  "PartialFourier": 1,
  "BaseResolution": 64,
  "ShimSetting": [-2511,-475,21001,251,215,-635,-131,67],
  "TxRefAmp": 343.068,
  "PhaseResolution": 1,
  "PhaseEncodingDirection": "j-",
  "PhaseEncodingSteps": 64,
  "InPlanePhaseEncodingDirectionDICOM": "COL",
  "ImageOrientationPatientDICOM": [1,0,0,0,1,0],
  "EffectiveEchoSpacing": 0.000469995,
  "DerivedVendorReportedEchoSpacing": 0.000469996,
  "TotalReadoutTime": 0.0296097,
  "BandwidthPerPixelPhaseEncode": 33.245,
  "PercentPhaseFOV": 100,
  "AcquisitionMatrixPE": 64,
  "ReconMatrixPE": 64,
  "PixelBandwidth": 2441,
  "SliceTiming": [1.055,0,1.11,0.0575,1.165,0.1125,1.2225,0.1675,1.2775,0.2225,1.3325,0.2775,1.3875,0.335,1.4425,0.39,1.4975,0.445,1.555,0.5,1.61,0.555,1.665,0.61,1.72,0.6675,1.775,0.7225,1.8325,0.7775,1.8875,0.8325,1.9425,0.8875,1.9975,0.945,2.0525,1],
  "DwellTime": 3.2E-6,
  "SpacingBetweenSlices": 3.33,
  "Manufacturer": "Siemens",
  "ManufacturersModelName": "TrioTim",
  "DeviceSerialNumber": "35390",
  "StationName": "MRC35390",
  "SoftwareVersions": "syngo_MR_B17",
  "MagneticFieldStrength": 3,
  "ReceiveCoilName": "HeadMatrix",
  "ScanningSequence": "EP",
  "SequenceVariant": "SK_SS",
  "SeriesNumber": 4,
  "ScanOptions": "FS",
  "SequenceName": "epfid2d1_64",
  "PulseSequenceDetails": "%CustomerSeq%_cmrr_mbep2d_bold",
  "ImageType": ["ORIGINAL","PRIMARY","M","ND","MOSAIC"],
  "MRAcquisitionType": "2D",
  "PatientPosition": "HFS",
  "InstitutionName": "Nathan S. Kline Institute for Psychiatric Research",
  "InstitutionAddress": "140 Old Orangeburg Road, Orangeburg, NY 10962, USA",
  "InstitutionalDepartmentName": "Center for Biomedical Imaging and Neuromodulation"
}