{
  "participant_id": "sub-16",
  "session_id": "ses-01",
  "TaskName": "dme",
  "modality": "bold",
  "AcquisitionNumber": 1,
  "SliceThickness": 3,
  "SAR": 0.0960336,
  "EchoTime": 0.0246,
  "RepetitionTime": 2.1,
  "FlipAngle": 60,
  "PartialFourier": 1,
  "BaseResolution": 64,
  "ShimSetting": [-2508,-655,20953,557,259,-692,-102,-84],
  "TxRefAmp": 336.458,
  "PhaseResolution": 1,
  "PhaseEncodingDirection": "j-",
  "PhaseEncodingSteps": 64,
  "InPlanePhaseEncodingDirectionDICOM": "COL",
  "ImageOrientationPatientDICOM": [1,0,0,0,1,0],
  "EffectiveEchoSpacing": 0.000469995,
  "DerivedVendorReportedEchoSpacing": 0.000469996,
  "TotalReadoutTime": 0.0296097,
  "BandwidthPerPixelPhaseEncode": 33.245,
  "PercentPhaseFOV": 100,
  "AcquisitionMatrixPE": 64,
  "ReconMatrixPE": 64,
  "PixelBandwidth": 2441,
  "SliceTiming": [1.055,0,1.11,0.055,1.165,0.11,1.22,0.1675,1.275,0.2225,1.33,0.2775,1.3875,0.3325,1.4425,0.3875,1.4975,0.4425,1.5525,0.5,1.6075,0.555,1.665,0.61,1.72,0.665,1.775,0.72,1.83,0.7775,1.885,0.8325,1.9425,0.8875,1.9975,0.9425,2.0525,0.9975],
  "DwellTime": 3.2E-6,
  "SpacingBetweenSlices": 3.33,
  "Manufacturer": "Siemens",
  "ManufacturersModelName": "TrioTim",
  "DeviceSerialNumber": "35390",
  "StationName": "MRC35390",
  "SoftwareVersions": "syngo_MR_B17",
  "MagneticFieldStrength": 3,
  "ReceiveCoilName": "HeadMatrix",
  "ScanningSequence": "EP",
  "SequenceVariant": "SK_SS",
  "SeriesNumber": 13,
  "ScanOptions": "FS",
  "SequenceName": "epfid2d1_64",
  "PulseSequenceDetails": "%CustomerSeq%_cmrr_mbep2d_bold",
  "ImageType": ["ORIGINAL","PRIMARY","M","ND","MOSAIC"],
  "MRAcquisitionType": "2D",
  "PatientPosition": "HFS",
  "InstitutionName": "Nathan S. Kline Institute for Psychiatric Research",
  "InstitutionAddress": "140 Old Orangeburg Road, Orangeburg, NY 10962, USA",
  "InstitutionalDepartmentName": "Center for Biomedical Imaging and Neuromodulation"
}